GEM
  remote: https://rubygems.org/
  specs:
    activesupport (4.0.5)
      i18n (~> 0.6, >= 0.6.9)
      minitest (~> 4.2)
      multi_json (~> 1.3)
      thread_safe (~> 0.1)
      tzinfo (~> 0.3.37)
    bson (2.2.4)
    coderay (1.1.0)
    colored (1.2)
    connection_pool (2.0.0)
    faraday (0.9.0)
      multipart-post (>= 1.2, < 3)
    faraday_middleware (0.9.1)
      faraday (>= 0.7.4, < 0.10)
    i18n (0.6.9)
    json-schema (2.1.9)
    libv8 (3.16.14.3)
    mail (2.5.4)
      mime-types (~> 1.16)
      treetop (~> 1.4.8)
    method_source (0.8.2)
    mime-types (1.25.1)
    mini_portile (0.6.0)
    minitest (4.7.5)
    moped (2.0.0.rc1)
      bson (~> 2.2)
      connection_pool (~> 2.0)
      optionable (~> 0.2.0)
    multi_json (1.10.1)
    multipart-post (2.0.0)
    nokogiri (1.6.2.1)
      mini_portile (= 0.6.0)
    oj (2.9.3)
    optionable (0.2.0)
    pg (0.17.1)
    polyglot (0.3.4)
    pry (0.9.12.6)
      coderay (~> 1.0)
      method_source (~> 0.8)
      slop (~> 3.4)
    pupa (0.1.4)
      activesupport (~> 4.0.0)
      colored (~> 1.2)
      faraday_middleware (~> 0.9.0)
      json-schema (~> 2.1.3)
      mail
      moped (~> 2.0.0.rc1)
      oj (~> 2.1)
      pg (~> 0.17.0)
      sequel (~> 4.10.0)
    ref (1.0.5)
    sequel (4.10.0)
    slop (3.5.0)
    therubyracer (0.12.1)
      libv8 (~> 3.16.14.0)
      ref
    thread_safe (0.3.3)
    treetop (1.4.15)
      polyglot
      polyglot (>= 0.3.1)
    tzinfo (0.3.39)

PLATFORMS
  ruby

DEPENDENCIES
  nokogiri
  pry
  pupa
  therubyracer
